GEM
  remote: https://rubygems.org/
  specs:
    bson (4.1.1)
    bson_ext (1.5.1)
    daemons (1.2.4)
    eventmachine (1.2.1)
    foreman (0.82.0)
      thor (~> 0.19.1)
    mongo (2.3.0)
      bson (~> 4.1)
    rack (1.6.5)
    rack-protection (1.5.3)
      rack
    sinatra (1.4.7)
      rack (~> 1.5)
      rack-protection (~> 1.4)
      tilt (>= 1.3, < 3)
    thin (1.7.0)
      daemons (~> 1.0, >= 1.0.9)
      eventmachine (~> 1.0, >= 1.0.4)
      rack (>= 1, < 3)
    thor (0.19.4)
    tilt (2.0.5)

PLATFORMS
  ruby

DEPENDENCIES
  bson_ext
  foreman
  mongo
  sinatra
  thin

BUNDLED WITH
   1.13.6
